PATH
  remote: .
  specs:
    resque-scheduler-status (0.0.1)

GEM
  remote: https://rubygems.org/
  specs:
    rake (10.3.2)

PLATFORMS
  ruby

DEPENDENCIES
  bundler (~> 1.6)
  rake
  resque-scheduler-status!
